GEM
  remote: http://rubygems.org/
  specs:
    activemerchant (1.12.1)
      activesupport (>= 2.3.8)
      braintree (>= 2.0.0)
      builder (>= 2.0.0)
    activesupport (3.0.6)
    braintree (2.9.1)
      builder
    builder (3.0.0)
    git (1.2.5)
    i18n (0.5.0)
    jeweler (1.5.2)
      bundler (~> 1.0.0)
      git (>= 1.2.5)
      rake
    minitest (2.1.0)
    rake (0.8.7)
    rcov (0.9.9)
    reek (1.2.8)
      ruby2ruby (~> 1.2)
      ruby_parser (~> 2.0)
      sexp_processor (~> 3.0)
    roodi (2.1.0)
      ruby_parser
    ruby2ruby (1.2.5)
      ruby_parser (~> 2.0)
      sexp_processor (~> 3.0)
    ruby_parser (2.0.6)
      sexp_processor (~> 3.0)
    sexp_processor (3.0.5)

PLATFORMS
  ruby

DEPENDENCIES
  activemerchant (= 1.12.1)
  bundler (~> 1.0.0)
  i18n (= 0.5.0)
  jeweler (~> 1.5.2)
  minitest
  rcov
  reek (~> 1.2.8)
  roodi (~> 2.1.0)
